GEM
  remote: https://rubygems.org/
  specs:
    commander (4.4.0)
      highline (~> 1.7.2)
    highline (1.7.8)
    thor (0.19.1)

PLATFORMS
  ruby

DEPENDENCIES
  commander
  thor

BUNDLED WITH
   1.12.5
